GEM
  remote: https://rubygems.org/
  specs:
    base64 (0.3.0)
    em-websocket (0.5.3)
      eventmachine (>= 0.12.9)
      http_parser.rb (~> 0)
    event_emitter (0.2.6)
    eventmachine (1.2.7)
    http_parser.rb (0.8.0)
    json (2.15.1)
    mustermann (3.0.4)
      ruby2_keywords (~> 0.0.1)
    mutex_m (0.3.0)
    nio4r (2.7.4)
    puma (6.6.1)
      nio4r (~> 2.0)
    rack (2.2.20)
    rack-protection (3.2.0)
      base64 (>= 0.1.0)
      rack (~> 2.2, >= 2.2.4)
    ruby2_keywords (0.0.5)
    sinatra (3.2.0)
      mustermann (~> 3.0)
      rack (~> 2.2, >= 2.2.4)
      rack-protection (= 3.2.0)
      tilt (~> 2.0)
    tilt (2.6.1)
    websocket (1.2.11)
    websocket-client-simple (0.9.0)
      base64
      event_emitter
      mutex_m
      websocket

PLATFORMS
  arm64-darwin-24
  ruby

DEPENDENCIES
  em-websocket (~> 0.5)
  eventmachine (~> 1.2)
  json (~> 2.6)
  puma (~> 6.0)
  sinatra (~> 3.0)
  websocket-client-simple (~> 0.3)

BUNDLED WITH
   2.6.9
